GEM
  remote: https://rubygems.org/
  specs:
    coderay (1.1.3)
    concurrent-ruby (1.3.4)
    diff-lcs (1.5.1)
    faker (3.4.2)
      i18n (>= 1.8.11, < 2)
    i18n (1.14.5)
      concurrent-ruby (~> 1.0)
    method_source (1.0.0)
    nokogiri (1.16.7-x86_64-linux)
      racc (~> 1.4)
    pry (0.14.2)
      coderay (~> 1.1)
      method_source (~> 1.0)
    racc (1.8.1)
    rspec (3.13.0)
      rspec-core (~> 3.13.0)
      rspec-expectations (~> 3.13.0)
      rspec-mocks (~> 3.13.0)
    rspec-core (3.13.0)
      rspec-support (~> 3.13.0)
    rspec-expectations (3.13.1)
      diff-lcs (>= 1.2.0, < 2.0)
      rspec-support (~> 3.13.0)
    rspec-mocks (3.13.1)
      diff-lcs (>= 1.2.0, < 2.0)
      rspec-support (~> 3.13.0)
    rspec-support (3.13.1)

PLATFORMS
  x86_64-linux

DEPENDENCIES
  faker
  nokogiri
  pry
  rspec

RUBY VERSION
   ruby 3.2.5p208

BUNDLED WITH
   2.4.10
